GEM
  remote: https://rubygems.org/
  specs:
    faraday (0.8.4)
      multipart-post (~> 1.1)
    micro-optparse (1.1.5)
    multipart-post (1.1.5)
    rake (0.9.2.2)

PLATFORMS
  ruby

DEPENDENCIES
  faraday
  micro-optparse
  rake
